PATH
  remote: .
  specs:
    budgets (1.0.0)

GEM
  remote: https://rubygems.org/
  specs:

PLATFORMS
  x86_64-linux

DEPENDENCIES
  budgets!

BUNDLED WITH
   2.4.1
